GIT
  remote: https://github.com/lewagon/middleman-deploy.git
  revision: 4f97af2034d6e7548a172d89a2a37fc263c6c987
  specs:
    middleman-deploy (2.0.0.pre.alpha)
      middleman-core (>= 3.2)
      net-sftp
      ptools

GEM
  remote: https://rubygems.org/
  remote: https://rails-assets.org/
  specs:
    activesupport (5.0.7.2)
      concurrent-ruby (~> 1.0, >= 1.0.2)
      i18n (>= 0.7, < 2)
      minitest (~> 5.1)
      tzinfo (~> 1.1)
    addressable (2.6.0)
      public_suffix (>= 2.0.2, < 4.0)
    autoprefixer-rails (9.6.1.1)
      execjs
    backports (3.15.0)
    bootstrap (4.1.3)
      autoprefixer-rails (>= 6.0.3)
      popper_js (>= 1.12.9, < 2)
      sass (>= 3.5.2)
    byebug (11.0.1)
    coderay (1.1.2)
    coffee-script (2.4.1)
      coffee-script-source
      execjs
    coffee-script-source (1.12.2)
    concurrent-ruby (1.1.5)
    contracts (0.13.0)
    dotenv (2.7.5)
    erubis (2.7.0)
    execjs (2.7.0)
    exifr (1.3.6)
    fast_blank (1.0.0)
    fastimage (2.1.5)
    ffi (1.11.1)
    font-awesome-middleman (4.2.1)
      middleman-core (>= 3.0.0)
    fspath (3.1.2)
    haml (5.1.2)
      temple (>= 0.8.0)
      tilt
    hamster (3.0.0)
      concurrent-ruby (~> 1.0)
    hashie (3.6.0)
    i18n (0.9.5)
      concurrent-ruby (~> 1.0)
    image_optim (0.25.0)
      exifr (~> 1.2, >= 1.2.2)
      fspath (~> 3.0)
      image_size (~> 1.5)
      in_threads (~> 1.3)
      progress (~> 3.0, >= 3.0.1)
    image_optim_pack (0.2.3)
      fspath (>= 2.1, < 4)
      image_optim (~> 0.19)
    image_size (1.5.0)
    in_threads (1.5.3)
    kramdown (1.17.0)
    listen (3.0.8)
      rb-fsevent (~> 0.9, >= 0.9.4)
      rb-inotify (~> 0.9, >= 0.9.7)
    memoist (0.16.0)
    method_source (0.9.2)
    middleman (4.3.5)
      coffee-script (~> 2.2)
      haml (>= 4.0.5)
      kramdown (~> 1.2)
      middleman-cli (= 4.3.5)
      middleman-core (= 4.3.5)
    middleman-aria_current (0.1.1)
      middleman-core (~> 4.0)
    middleman-autoprefixer (2.10.1)
      autoprefixer-rails (~> 9.1)
      middleman-core (>= 3.3.3)
    middleman-cli (4.3.5)
      thor (>= 0.17.0, < 2.0)
    middleman-core (4.3.5)
      activesupport (>= 4.2, < 5.1)
      addressable (~> 2.3)
      backports (~> 3.6)
      bundler
      contracts (~> 0.13.0)
      dotenv
      erubis
      execjs (~> 2.0)
      fast_blank
      fastimage (~> 2.0)
      hamster (~> 3.0)
      hashie (~> 3.4)
      i18n (~> 0.9.0)
      listen (~> 3.0.0)
      memoist (~> 0.14)
      padrino-helpers (~> 0.13.0)
      parallel
      rack (>= 1.4.5, < 3)
      sassc (~> 2.0)
      servolux
      tilt (~> 2.0.9)
      uglifier (~> 3.0)
    middleman-google-analytics (3.0.0)
      activesupport (>= 4.1, < 5.1)
      erubis
      middleman-core (>= 3.4)
      uglifier (>= 2.5, < 4.0)
    middleman-hotjar (0.0.2)
      middleman-core (>= 4.0)
    middleman-imageoptim (0.3.0)
      image_optim (~> 0.25.0)
      image_optim_pack (~> 0.2.1)
      middleman-cli
      middleman-core (>= 3.1)
    middleman-robots (1.3.4)
      middleman-cli (>= 4.0)
      middleman-core (>= 4.0)
    middleman-sprockets (4.1.1)
      middleman-core (~> 4.0)
      sprockets (>= 3.0)
    mini_portile2 (2.8.0)
    minitest (5.11.3)
    net-sftp (2.1.2)
      net-ssh (>= 2.6.5)
    net-ssh (5.2.0)
    nokogiri (1.13.4)
      mini_portile2 (~> 2.8.0)
      racc (~> 1.4)
    padrino-helpers (0.13.3.4)
      i18n (~> 0.6, >= 0.6.7)
      padrino-support (= 0.13.3.4)
      tilt (>= 1.4.1, < 3)
    padrino-support (0.13.3.4)
      activesupport (>= 3.1)
    parallel (1.17.0)
    popper_js (1.14.5)
    progress (3.5.2)
    pry (0.12.2)
      coderay (~> 1.1.0)
      method_source (~> 0.9.0)
    pry-byebug (3.7.0)
      byebug (~> 11.0)
      pry (~> 0.10)
    ptools (1.3.5)
    public_suffix (3.1.1)
    racc (1.6.0)
    rack (2.0.7)
    rails-assets-jquery (2.1.1)
    rb-fsevent (0.10.3)
    rb-inotify (0.10.0)
      ffi (~> 1.0)
    sass (3.7.4)
      sass-listen (~> 4.0.0)
    sass-listen (4.0.0)
      rb-fsevent (~> 0.9, >= 0.9.4)
      rb-inotify (~> 0.9, >= 0.9.7)
    sassc (2.1.0)
      ffi (~> 1.9)
    servolux (0.13.0)
    sprockets (3.7.2)
      concurrent-ruby (~> 1.0)
      rack (> 1, < 3)
    temple (0.8.1)
    thor (0.20.3)
    thread_safe (0.3.6)
    tilt (2.0.9)
    tzinfo (1.2.5)
      thread_safe (~> 0.1)
    uglifier (3.2.0)
      execjs (>= 0.3.0, < 3)

PLATFORMS
  ruby

DEPENDENCIES
  bootstrap (~> 4.1.3)
  execjs
  font-awesome-middleman
  middleman (~> 4.2)
  middleman-aria_current
  middleman-autoprefixer (~> 2.7)
  middleman-deploy!
  middleman-google-analytics (~> 3.0)
  middleman-hotjar
  middleman-imageoptim
  middleman-robots
  middleman-sprockets (~> 4.1, >= 4.1.1)
  nokogiri
  pry-byebug
  rails-assets-jquery (= 2.1.1)!

BUNDLED WITH
   1.17.3
